NUGET
  remote: https://www.nuget.org/api/v2
  specs:
    Deedle (1.2.4)
    FAKE (4.25.4)
    FSharp.Charting (0.90.13)
    FSharp.Data (2.2.5)
      Zlib.Portable (>= 1.10) - framework: portable-net40+sl50+wp80+win80
    Zlib.Portable (1.11) - framework: portable-net40+sl50+wp80+win80
